GEM
  remote: https://rubygems.org/
  specs:
    gosu (0.7.50)

PLATFORMS
  ruby

DEPENDENCIES
  gosu
